GEM
  remote: https://rubygems.org/
  specs:
    Ascii85 (1.0.3)
    addressable (2.7.0)
      public_suffix (>= 2.0.2, < 5.0)
    afm (0.2.2)
    asciidoctor (2.0.10)
    asciidoctor-diagram (1.5.19)
      asciidoctor (>= 1.5.7, < 3.x)
    asciidoctor-pdf (1.5.0.beta.8)
      asciidoctor (>= 1.5.3, < 3.0.0)
      concurrent-ruby (~> 1.1.0)
      prawn (~> 2.2.0)
      prawn-icon (~> 2.5.0)
      prawn-svg (~> 0.30.0)
      prawn-table (~> 0.2.0)
      prawn-templates (~> 0.1.0)
      safe_yaml (~> 1.0.0)
      thread_safe (~> 0.3.0)
      treetop (~> 1.5.0)
    concurrent-ruby (1.1.5)
    css_parser (1.7.1)
      addressable
    hashery (2.1.2)
    multi_json (1.14.1)
    mustermann (1.0.3)
    mysql2 (0.5.3)
    pdf-core (0.7.0)
    pdf-reader (2.4.0)
      Ascii85 (~> 1.0.0)
      afm (~> 0.2.1)
      hashery (~> 2.0)
      ruby-rc4
      ttfunk
    pg (1.1.4)
    polyglot (0.3.5)
    prawn (2.2.2)
      pdf-core (~> 0.7.0)
      ttfunk (~> 1.5)
    prawn-icon (2.5.0)
      prawn (>= 1.1.0, < 3.0.0)
    prawn-svg (0.30.0)
      css_parser (~> 1.6)
      prawn (>= 0.11.1, < 3)
    prawn-table (0.2.2)
      prawn (>= 1.3.0, < 3.0.0)
    prawn-templates (0.1.2)
      pdf-reader (~> 2.0)
      prawn (~> 2.2)
    public_suffix (4.0.1)
    pygments.rb (1.2.1)
      multi_json (>= 1.0.0)
    rack (2.0.7)
    rack-protection (2.0.7)
      rack
    ruby-rc4 (0.1.5)
    safe_yaml (1.0.5)
    sinatra (2.0.7)
      mustermann (~> 1.0)
      rack (~> 2.0)
      rack-protection (= 2.0.7)
      tilt (~> 2.0)
    thread_safe (0.3.6)
    tilt (2.0.10)
    treetop (1.5.3)
      polyglot (~> 0.3)
    ttfunk (1.5.1)

PLATFORMS
  ruby

DEPENDENCIES
  asciidoctor
  asciidoctor-diagram
  asciidoctor-pdf
  mysql2
  pg
  pygments.rb
  sinatra

BUNDLED WITH
   1.17.2
